GEM
  remote: https://rubygems.org/
  specs:
    bourbon (4.2.7)
      sass (~> 3.4)
      thor (~> 0.19)
    livingstyleguide (2.0.0)
      minisyntax (>= 0.2.5)
      redcarpet
      sass
      thor
      tilt
    minisyntax (0.2.5)
    redcarpet (3.3.4)
    sass (3.4.22)
    thor (0.19.1)
    tilt (2.0.5)

PLATFORMS
  ruby

DEPENDENCIES
  bourbon (~> 4.2.7)
  livingstyleguide (~> 2.0.0)

BUNDLED WITH
   1.12.5
